PATH
  remote: .
  specs:
    fakeit (0.11.0)
      faker (= 2.22.0)
      openapi_parser (= 1.0.0)
      rack (>= 2, < 4)
      rack-cors (~> 1.0)
      rainbow (~> 3.0)
      regexp-examples (= 1.5.1)
      slop (~> 4.8)
      webrick (~> 1.7)

GEM
  remote: https://rubygems.org/
  specs:
    ast (2.4.2)
    concurrent-ruby (1.1.10)
    debug (1.6.2)
      irb (>= 1.3.6)
      reline (>= 0.3.1)
    diff-lcs (1.5.0)
    docile (1.4.0)
    faker (2.22.0)
      i18n (>= 1.8.11, < 2)
    i18n (1.12.0)
      concurrent-ruby (~> 1.0)
    io-console (0.5.11)
    irb (1.4.2)
      reline (>= 0.3.0)
    json (2.6.2)
    openapi_parser (1.0.0)
    parallel (1.22.1)
    parser (3.1.2.1)
      ast (~> 2.4.1)
    rack (3.0.7)
    rack-cors (1.1.1)
      rack (>= 2.0.0)
    rack-test (2.0.2)
      rack (>= 1.3)
    rainbow (3.1.1)
    rake (13.0.6)
    regexp-examples (1.5.1)
    regexp_parser (2.6.0)
    reline (0.3.1)
      io-console (~> 0.5)
    rexml (3.2.5)
    rspec (3.11.0)
      rspec-core (~> 3.11.0)
      rspec-expectations (~> 3.11.0)
      rspec-mocks (~> 3.11.0)
    rspec-core (3.11.0)
      rspec-support (~> 3.11.0)
    rspec-expectations (3.11.1)
      diff-lcs (>= 1.2.0, < 2.0)
      rspec-support (~> 3.11.0)
    rspec-mocks (3.11.1)
      diff-lcs (>= 1.2.0, < 2.0)
      rspec-support (~> 3.11.0)
    rspec-support (3.11.1)
    rubocop (1.36.0)
      json (~> 2.3)
      parallel (~> 1.10)
      parser (>= 3.1.2.1)
      rainbow (>= 2.2.2, < 4.0)
      regexp_parser (>= 1.8, < 3.0)
      rexml (>= 3.2.5, < 4.0)
      rubocop-ast (>= 1.20.1, < 2.0)
      ruby-progressbar (~> 1.7)
      unicode-display_width (>= 1.4.0, < 3.0)
    rubocop-ast (1.21.0)
      parser (>= 3.1.1.0)
    rubocop-rake (0.6.0)
      rubocop (~> 1.0)
    ruby-progressbar (1.11.0)
    simplecov (0.21.2)
      docile (~> 1.1)
      simplecov-html (~> 0.11)
      simplecov_json_formatter (~> 0.1)
    simplecov-html (0.12.3)
    simplecov_json_formatter (0.1.4)
    slop (4.9.3)
    unicode-display_width (2.3.0)
    webrick (1.7.0)

PLATFORMS
  ruby

DEPENDENCIES
  bundler (~> 2.0)
  debug (~> 1.0)
  fakeit!
  rack-test (~> 2.0)
  rake (~> 13.0)
  rspec (~> 3.0)
  rubocop (~> 1.10)
  rubocop-rake (~> 0.5)
  simplecov (~> 0.18)

BUNDLED WITH
   2.3.7
